GIT
  remote: https://github.com/albel727/mecab-ruby-gem.git
  revision: 8c34c5b06cdeef1530ab1996e148b3bf071d1519
  specs:
    mecab-ruby (0.996)

GIT
  remote: https://github.com/albel727/rubyeb19.git
  revision: 890ba75fa3f637f339cd694b2c0071fa62d35069
  specs:
    eb (2.6.0)

GIT
  remote: https://github.com/albel727/wolfram.git
  revision: 3267f9c789cd0f67d58986b02d88db252783c2c7
  specs:
    wolfram (0.2.1)
      nokogiri (>= 1.4.3)

GEM
  remote: https://rubygems.org/
  specs:
    addressable (2.3.5)
    atomic (1.1.14)
    google-search (1.0.3)
      json
    htmlentities (4.3.2)
    json (1.8.1)
    mini_portile (0.5.2)
    nokogiri (1.6.1)
      mini_portile (~> 0.5.0)
    ruby-pinyin (0.2.4)
    sequel (4.5.0)
    sqlite3 (1.3.8)
    thread_safe (0.1.3)
      atomic
    ting (0.3.0)
    tzinfo (1.1.0)
      thread_safe (~> 0.1)
    webrick (1.3.1)

PLATFORMS
  ruby

DEPENDENCIES
  addressable
  eb!
  google-search
  htmlentities
  json
  mecab-ruby!
  nokogiri
  ruby-pinyin
  sequel
  sqlite3
  ting
  tzinfo
  webrick
  wolfram!
