GIT
  remote: git://github.com/albel727/wolfram.git
  revision: 3267f9c789cd0f67d58986b02d88db252783c2c7
  specs:
    wolfram (0.2.1)
      nokogiri (>= 1.4.3)

GIT
  remote: git@github.com:albel727/mecab-ruby-gem.git
  revision: b31cb171e5bac297636acb8f8a56bef3cf808584
  specs:
    mecab-ruby (0.995)

GEM
  remote: https://rubygems.org/
  specs:
    addressable (2.3.5)
    json (1.8.0)
    mini_portile (0.5.0)
    nokogiri (1.6.0)
      mini_portile (~> 0.5.0)
    ruby-pinyin (0.2.1)
    ting (0.3.0)
    tzinfo (1.0.1)

PLATFORMS
  ruby

DEPENDENCIES
  addressable
  json
  mecab-ruby!
  nokogiri
  ruby-pinyin
  ting
  tzinfo
  wolfram!
